PATH
  remote: .
  specs:
    cosmopolitan-pesel (0.1.0)

GEM
  remote: https://rubygems.org/
  specs:
    bundler-audit (0.9.1)
      bundler (>= 1.2.0, < 3)
      thor (~> 1.0)
    bundler-integrity (1.0.9)
    diff-lcs (1.5.0)
    rake (13.0.6)
    rspec (3.12.0)
      rspec-core (~> 3.12.0)
      rspec-expectations (~> 3.12.0)
      rspec-mocks (~> 3.12.0)
    rspec-core (3.12.0)
      rspec-support (~> 3.12.0)
    rspec-expectations (3.12.2)
      diff-lcs (>= 1.2.0, < 2.0)
      rspec-support (~> 3.12.0)
    rspec-mocks (3.12.3)
      diff-lcs (>= 1.2.0, < 2.0)
      rspec-support (~> 3.12.0)
    rspec-support (3.12.0)
    thor (1.2.1)

PLATFORMS
  ruby

DEPENDENCIES
  bundler-audit (= 0.9.1)
  bundler-integrity (= 1.0.9)
  cosmopolitan-pesel!
  rake (= 13.0.6)
  rspec (= 3.12.0)

BUNDLED WITH
   2.3.25
